GEM
  remote: http://rubygems.org/
  specs:
    annoy (0.5.6)
      highline (>= 1.5.0)
    archive-tar-minitar (0.5.2)
    bluecloth (2.1.0)
    diff-lcs (1.1.2)
    drydock (0.6.9)
    git (1.2.5)
    highline (1.6.1)
    jeweler (1.6.0)
      bundler (~> 1.0.0)
      git (>= 1.2.5)
      rake
    net-scp (1.0.4)
      net-ssh (>= 1.99.1)
    net-ssh (2.1.4)
    rake (0.8.7)
    rcov (0.9.9)
    rspec (2.3.0)
      rspec-core (~> 2.3.0)
      rspec-expectations (~> 2.3.0)
      rspec-mocks (~> 2.3.0)
    rspec-core (2.3.1)
    rspec-expectations (2.3.0)
      diff-lcs (~> 1.1.2)
    rspec-mocks (2.3.0)
    rye (0.9.4)
      annoy
      highline (>= 1.5.1)
      net-scp (>= 1.0.2)
      net-ssh (>= 2.0.13)
      sysinfo (>= 0.7.3)
    storable (0.8.7)
    sysinfo (0.7.3)
      drydock
      storable
    yard (0.6.8)

PLATFORMS
  ruby

DEPENDENCIES
  archive-tar-minitar (~> 0.5.0)
  bluecloth (~> 2.1.0)
  bundler (~> 1.0.0)
  jeweler (~> 1.6.0)
  rcov
  rspec (~> 2.3.0)
  rye (~> 0.9.0)
  yard (~> 0.6.0)
